PATH
  remote: .
  specs:
    madison (0.0.0.0)
      json

GEM
  remote: http://rubygems.org/
  specs:
    diff-lcs (1.1.3)
    json (1.7.5)
    multi_json (1.3.6)
    rake (0.9.2.2)
    rspec (2.4.0)
      rspec-core (~> 2.4.0)
      rspec-expectations (~> 2.4.0)
      rspec-mocks (~> 2.4.0)
    rspec-core (2.4.0)
    rspec-expectations (2.4.0)
      diff-lcs (~> 1.1.2)
    rspec-mocks (2.4.0)
    simplecov (0.7.1)
      multi_json (~> 1.0)
      simplecov-html (~> 0.7.1)
    simplecov-html (0.7.1)

PLATFORMS
  ruby

DEPENDENCIES
  madison!
  rake
  rspec
  simplecov
